PATH
  remote: .
  specs:
    json-fuzz-generator (0.0.2)
      json-schema (< 2.3)
      randexp
      regexp-examples

GEM
  remote: https://rubygems.org/
  specs:
    byebug (11.1.3)
    coderay (1.1.3)
    diff-lcs (1.4.4)
    json-schema (2.2.5)
    method_source (1.0.0)
    pry (0.13.1)
      coderay (~> 1.1)
      method_source (~> 1.0)
    pry-byebug (3.9.0)
      byebug (~> 11.0)
      pry (~> 0.13.0)
    rake (13.0.6)
    randexp (0.1.7)
    regexp-examples (1.5.1)
    rspec (3.10.0)
      rspec-core (~> 3.10.0)
      rspec-expectations (~> 3.10.0)
      rspec-mocks (~> 3.10.0)
    rspec-core (3.10.1)
      rspec-support (~> 3.10.0)
    rspec-expectations (3.10.1)
      diff-lcs (>= 1.2.0, < 2.0)
      rspec-support (~> 3.10.0)
    rspec-mocks (3.10.2)
      diff-lcs (>= 1.2.0, < 2.0)
      rspec-support (~> 3.10.0)
    rspec-support (3.10.2)

PLATFORMS
  ruby

DEPENDENCIES
  bundler
  json-fuzz-generator!
  pry-byebug
  rake
  rspec

BUNDLED WITH
   2.1.4
